GEM
  remote: http://rubygems.org/
  specs:
    harvested (0.5.0)
      hashie (~> 1)
      httparty
      json
    hashie (1.2.0)
    httparty (0.8.3)
      multi_json (~> 1.0)
      multi_xml
    json (2.5.1)
    multi_json (1.3.6)
    multi_xml (0.5.1)
    rake (0.9.2.2)

PLATFORMS
  ruby

DEPENDENCIES
  harvested
  rake
