GEM
  remote: http://rubygems.org/
  specs:
    harvested (0.5.0)
      hashie (~> 1)
      httparty
      json
    hashie (1.2.0)
    httparty (0.18.1)
      mime-types (~> 3.0)
      multi_xml (>= 0.5.2)
    json (1.7.3)
    mime-types (3.3.1)
      mime-types-data (~> 3.2015)
    mime-types-data (3.2021.0225)
    multi_xml (0.6.0)
    rake (0.9.2.2)

PLATFORMS
  ruby

DEPENDENCIES
  harvested
  rake
